GEM
  remote: http://rubygems.org/
  specs:
    activerecord-jdbc-adapter (1.1.0)
    activerecord-jdbcmysql-adapter (1.1.0)
      activerecord-jdbc-adapter (= 1.1.0)
      jdbc-mysql (~> 5.1.0)
    activesupport (3.0.3)
    columnize (0.3.2)
    diff-lcs (1.1.2)
    i18n (0.5.0)
    jdbc-mysql (5.1.13)
    json (1.4.6)
    json (1.4.6-java)
    linecache (0.43)
    rack (1.2.1)
    rack-test (0.5.7)
      rack (>= 1.0)
    racksh (0.9.8)
      rack (>= 1.0)
      rack-test (>= 0.5)
    rspec (2.4.0)
      rspec-core (~> 2.4.0)
      rspec-expectations (~> 2.4.0)
      rspec-mocks (~> 2.4.0)
    rspec-core (2.4.0)
    rspec-expectations (2.4.0)
      diff-lcs (~> 1.1.2)
    rspec-mocks (2.4.0)
    ruby-debug (0.10.4)
      columnize (>= 0.1)
      ruby-debug-base (~> 0.10.4.0)
    ruby-debug-base (0.10.4)
      linecache (>= 0.3)
    ruby-debug-base (0.10.4-java)
    sequel (3.19.0)
    sinatra (1.1.2)
      rack (~> 1.1)
      tilt (~> 1.2)
    tilt (1.2.1)

PLATFORMS
  java
  ruby

DEPENDENCIES
  activerecord-jdbcmysql-adapter
  activesupport (= 3.0.3)
  i18n
  json
  racksh
  rspec
  ruby-debug
  sequel
  sinatra
